GEM
  remote: https://rubygems.org/
  specs:
    cbc-wrapper (2.9.9.2)
    mustermann (1.0.2)
    rack (2.0.5)
    rack-protection (2.0.1)
      rack
    ruby-cbc (0.3.17)
      cbc-wrapper (~> 2.9.9.2)
    sinatra (2.0.1)
      mustermann (~> 1.0)
      rack (~> 2.0)
      rack-protection (= 2.0.1)
      tilt (~> 2.0)
    tilt (2.0.8)

PLATFORMS
  ruby

DEPENDENCIES
  ruby-cbc
  sinatra

BUNDLED WITH
   1.16.1
